GEM
  remote: https://rubygems.org/
  specs:
    date (3.4.1)
    erb (5.0.2)
    nio4r (2.7.4)
    psych (5.2.6)
      date
      stringio
    puma (6.6.1)
      nio4r (~> 2.0)
    rack (3.2.0)
    rackup (2.2.1)
      rack (>= 3)
    rdoc (6.14.2)
      erb
      psych (>= 4.0.0)
    stringio (3.1.7)

PLATFORMS
  arm64-darwin-24
  ruby

DEPENDENCIES
  puma (~> 6.6)
  rackup (~> 2.2)
  rdoc (~> 6.14)

BUNDLED WITH
   2.7.1
